GIT
  remote: https://github.com/declarativesystems/puppet-strings
  revision: a9d8edfb7743d0ebf677800311a1317ba8d6e759
  ref: no_dates
  specs:
    puppet-strings (1.0.0)
      yard (~> 0.9.5)

GEM
  remote: https://rubygems.org/
  specs:
    ast (2.3.0)
    diff-lcs (1.3)
    docker-api (1.33.1)
      excon (>= 0.38.0)
      json
    escort (0.4.0)
      nesty
    excon (0.55.0)
    facter (2.4.6)
    facterdb (0.3.10)
      facter
      jgrep
    faraday (0.9.2)
      multipart-post (>= 1.2, < 3)
    faraday_middleware (0.10.1)
      faraday (>= 0.7.4, < 1.0)
    fast_gettext (1.1.0)
    gettext (3.2.2)
      locale (>= 2.0.5)
      text (>= 1.3.0)
    gettext-setup (0.24)
      fast_gettext (~> 1.1.0)
      gettext (>= 3.0.2)
      locale
    git_refresh (0.1.1)
      escort (= 0.4.0)
    hiera (3.3.1)
    jgrep (1.4.1)
      json
    json (2.1.0)
    json_pure (1.8.6)
    librarian-puppet (2.2.3)
      librarianp (>= 0.6.3)
      puppet_forge (~> 2.1)
      rsync
    librarianp (0.6.3)
      thor (~> 0.15)
    locale (2.1.2)
    mcollective-client (2.10.3)
      json
      stomp
      systemu
    metaclass (0.0.4)
    minitar (0.6.1)
    mocha (1.2.1)
      metaclass (~> 0.0.1)
    multipart-post (2.0.0)
    nesty (1.0.2)
    parser (2.4.0.0)
      ast (~> 2.2)
    pdqtest (0.3.4)
      docker-api (= 1.33.1)
      escort (= 0.4.0)
      git_refresh (= 0.1.1)
      librarian-puppet (= 2.2.3)
      puppet-lint (= 2.1.0)
      puppet-syntax (= 2.2.0)
      puppet_factset (= 0.4.1)
      puppetlabs_spec_helper (= 1.2.2)
    powerpack (0.1.1)
    puppet (4.9.0)
      facter (> 2.0, < 4)
      gettext-setup (>= 0.10, < 1)
      hiera (>= 2.0, < 4)
      json_pure (~> 1.8)
      locale (~> 2.1)
    puppet-lint (2.1.0)
    puppet-syntax (2.2.0)
      rake
    puppet_factset (0.4.1)
    puppet_forge (2.2.4)
      faraday (~> 0.9.0)
      faraday_middleware (>= 0.9.0, < 0.11.0)
      gettext-setup (~> 0.11)
      minitar
      semantic_puppet (~> 0.1.0)
    puppetlabs_spec_helper (1.2.2)
      mocha (~> 1.0)
      puppet-lint (~> 2.0)
      puppet-syntax (~> 2.0)
      rspec-puppet (~> 2.0)
    rainbow (2.2.2)
      rake
    rake (12.0.0)
    rspec (3.5.0)
      rspec-core (~> 3.5.0)
      rspec-expectations (~> 3.5.0)
      rspec-mocks (~> 3.5.0)
    rspec-core (3.5.4)
      rspec-support (~> 3.5.0)
    rspec-expectations (3.5.0)
      diff-lcs (>= 1.2.0, < 2.0)
      rspec-support (~> 3.5.0)
    rspec-mocks (3.5.0)
      diff-lcs (>= 1.2.0, < 2.0)
      rspec-support (~> 3.5.0)
    rspec-puppet (2.5.0)
      rspec
    rspec-puppet-facts (1.7.0)
      facter
      facterdb (>= 0.3.0)
      json
      mcollective-client
      puppet
    rspec-puppet-utils (3.2.2)
      mocha
      puppet
      puppetlabs_spec_helper
      rspec
      rspec-puppet
    rspec-support (3.5.0)
    rsync (1.0.9)
    rubocop (0.47.1)
      parser (>= 2.3.3.1, < 3.0)
      powerpack (~> 0.1)
      rainbow (>= 1.99.1, < 3.0)
      ruby-progressbar (~> 1.7)
      unicode-display_width (~> 1.0, >= 1.0.1)
    ruby-progressbar (1.8.1)
    semantic_puppet (0.1.4)
      gettext-setup (>= 0.3)
    stomp (1.4.3)
    systemu (2.6.5)
    text (1.3.1)
    thor (0.19.4)
    unicode-display_width (1.2.1)
    yard (0.9.9)

PLATFORMS
  ruby

DEPENDENCIES
  facter (= 2.4.6)
  pdqtest (= 0.3.4)
  puppet (= 4.9.0)
  puppet-strings!
  rspec-puppet-facts (= 1.7.0)
  rspec-puppet-utils
  rubocop (= 0.47.1)

BUNDLED WITH
   1.14.6
